PATH
  remote: .
  specs:
    ipgeobase (0.2.1)

GEM
  remote: https://rubygems.org/
  specs:
    addressable (2.8.0)
      public_suffix (>= 2.0.2, < 5.0)
    crack (0.4.5)
      rexml
    faraday (2.2.0)
      faraday-net_http (~> 2.0)
      ruby2_keywords (>= 0.0.4)
    faraday-net_http (2.0.1)
    hashdiff (1.0.1)
    mini_portile2 (2.8.0)
    minitest (5.15.0)
    nokogiri (1.13.3)
      mini_portile2 (~> 2.8.0)
      racc (~> 1.4)
    nokogiri-happymapper (0.9.0)
      nokogiri (~> 1.5)
    public_suffix (4.0.6)
    racc (1.6.0)
    rake (12.3.3)
    rexml (3.2.5)
    ruby2_keywords (0.0.5)
    webmock (3.14.0)
      addressable (>= 2.8.0)
      crack (>= 0.3.2)
      hashdiff (>= 0.4.0, < 2.0.0)

PLATFORMS
  ruby

DEPENDENCIES
  faraday
  ipgeobase!
  minitest (~> 5.0)
  nokogiri-happymapper
  rake (~> 12.0)
  webmock

BUNDLED WITH
   2.1.4
