PATH
  remote: .
  specs:
    ipgeobase (0.1.15)

GEM
  remote: https://rubygems.org/
  specs:
    addressable (2.8.0)
      public_suffix (>= 2.0.2, < 5.0)
    crack (0.4.5)
      rexml
    faraday (2.2.0)
      faraday-net_http (~> 2.0)
      ruby2_keywords (>= 0.0.4)
    faraday-net_http (2.0.1)
    hashdiff (1.0.1)
    json (2.6.1)
    minitest (5.15.0)
    public_suffix (4.0.6)
    rake (12.3.3)
    rexml (3.2.5)
    ruby2_keywords (0.0.5)
    webmock (3.14.0)
      addressable (>= 2.8.0)
      crack (>= 0.3.2)
      hashdiff (>= 0.4.0, < 2.0.0)

PLATFORMS
  ruby

DEPENDENCIES
  faraday
  ipgeobase!
  json
  minitest (~> 5.0)
  rake (~> 12.0)
  webmock

BUNDLED WITH
   2.1.4
